GEM
  remote: https://rubygems.org/
  specs:
    minitest (5.11.3)
    parslet (1.8.2)
    rake (12.3.3)

PLATFORMS
  ruby

DEPENDENCIES
  minitest
  parslet
  rake

BUNDLED WITH
   1.17.2
