GEM
  remote: https://rubygems.org/
  specs:
    blankslate (2.1.2.4)
    minitest (5.11.3)
    parslet (1.5.0)
      blankslate (~> 2.0)
    rake (12.3.2)

PLATFORMS
  ruby

DEPENDENCIES
  minitest
  parslet (= 1.5.0)
  rake

BUNDLED WITH
   1.17.2
